GEM
  remote: https://rubygems.org/
  specs:
    base64 (0.3.0)
    icalendar (2.12.1)
      base64
      ice_cube (~> 0.16)
      logger
      ostruct
    ice_cube (0.17.0)
    logger (1.7.0)
    nokogiri (1.18.10-x86_64-linux-gnu)
      racc (~> 1.4)
    ostruct (0.6.3)
    racc (1.8.1)

PLATFORMS
  x86_64-linux

DEPENDENCIES
  icalendar
  nokogiri

BUNDLED WITH
   2.3.27
